PATH
  remote: _plugins/jekyll-emoji
  specs:
    jekyll-emoji (1.0.3)
      httpclient (>= 2.7)
      jekyll (>= 2.0)
      oga (~> 1.2, >= 1.2.0)
      yajl-ruby (~> 1.2, >= 1.2.0)

PATH
  remote: _plugins/jekyll-language-plugin
  specs:
    jekyll-language-plugin (1.3.5)

PATH
  remote: _plugins/jekyll-paginate-v2
  specs:
    jekyll-paginate-v2 (2.1.0)
      jekyll (~> 4.0)

PATH
  remote: _plugins/jekyll-patreon
  specs:
    jekyll-patreon (1.1.1)
      jekyll (~> 4.0)

PATH
  remote: _plugins/jekyll-twitter-plugin
  specs:
    jekyll-twitter-plugin (2.0.0)

GEM
  remote: https://rubygems.org/
  specs:
    activesupport (6.0.1)
      concurrent-ruby (~> 1.0, >= 1.0.2)
      i18n (>= 0.7, < 2)
      minitest (~> 5.1)
      tzinfo (~> 1.1)
      zeitwerk (~> 2.2)
    addressable (2.7.0)
      public_suffix (>= 2.0.2, < 5.0)
    ansi (1.5.0)
    ast (2.4.0)
    chronic (0.10.2)
    colorator (1.1.0)
    concurrent-ruby (1.1.5)
    declarative (0.0.10)
    declarative-option (0.1.0)
    em-websocket (0.5.1)
      eventmachine (>= 0.12.9)
      http_parser.rb (~> 0.6.0)
    ethon (0.12.0)
      ffi (>= 1.3.0)
    eventmachine (1.2.7-x64-mingw32)
    eventmachine (1.2.7-x86-mingw32)
    faraday (0.17.0)
      multipart-post (>= 1.2, < 3)
    ffi (1.11.2-x64-mingw32)
    ffi (1.11.2-x86-mingw32)
    forwardable-extended (2.6.0)
    gemoji (3.0.1)
    google-api-client (0.34.1)
      addressable (~> 2.5, >= 2.5.1)
      googleauth (~> 0.9)
      httpclient (>= 2.8.1, < 3.0)
      mini_mime (~> 1.0)
      representable (~> 3.0)
      retriable (>= 2.0, < 4.0)
      signet (~> 0.12)
    googleauth (0.10.0)
      faraday (~> 0.12)
      jwt (>= 1.4, < 3.0)
      memoist (~> 0.16)
      multi_json (~> 1.11)
      os (>= 0.9, < 2.0)
      signet (~> 0.12)
    html-pipeline (2.12.2)
      activesupport (>= 2)
      nokogiri (>= 1.4)
    html-proofer (3.14.1)
      addressable (~> 2.3)
      mercenary (~> 0.3)
      nokogiri (~> 1.10)
      parallel (~> 1.3)
      rainbow (~> 3.0)
      typhoeus (~> 1.3)
      yell (~> 2.0)
    http_parser.rb (0.6.0)
    httpclient (2.8.3)
    i18n (1.7.0)
      concurrent-ruby (~> 1.0)
    iconv (1.0.8)
    jekyll (4.0.0)
      addressable (~> 2.4)
      colorator (~> 1.0)
      em-websocket (~> 0.5)
      i18n (>= 0.9.5, < 2)
      jekyll-sass-converter (~> 2.0)
      jekyll-watch (~> 2.0)
      kramdown (~> 2.1)
      kramdown-parser-gfm (~> 1.0)
      liquid (~> 4.0)
      mercenary (~> 0.3.3)
      pathutil (~> 0.9)
      rouge (~> 3.0)
      safe_yaml (~> 1.0)
      terminal-table (~> 1.8)
    jekyll-feed (0.13.0)
      jekyll (>= 3.7, < 5.0)
    jekyll-sass-converter (2.0.1)
      sassc (> 2.0.1, < 3.0)
    jekyll-seo-tag (2.6.1)
      jekyll (>= 3.3, < 5.0)
    jekyll-watch (2.2.1)
      listen (~> 3.0)
    jemoji (0.11.1)
      gemoji (~> 3.0)
      html-pipeline (~> 2.2)
      jekyll (>= 3.0, < 5.0)
    jwt (2.2.1)
    kramdown (2.1.0)
    kramdown-parser-gfm (1.1.0)
      kramdown (~> 2.0)
    liquid (4.0.3)
    listen (3.2.0)
      rb-fsevent (~> 0.10, >= 0.10.3)
      rb-inotify (~> 0.9, >= 0.9.10)
    memoist (0.16.1)
    mercenary (0.3.6)
    mini_mime (1.0.2)
    mini_portile2 (2.4.0)
    minima (2.5.1)
      jekyll (>= 3.5, < 5.0)
      jekyll-feed (~> 0.9)
      jekyll-seo-tag (~> 2.1)
    minitest (5.13.0)
    multi_json (1.14.1)
    multipart-post (2.1.1)
    nokogiri (1.10.5-x64-mingw32)
      mini_portile2 (~> 2.4.0)
    nokogiri (1.10.5-x86-mingw32)
      mini_portile2 (~> 2.4.0)
    oga (1.3.1)
      ast
      ruby-ll (~> 2.1)
    os (1.0.1)
    parallel (1.19.1)
    pathutil (0.16.2)
      forwardable-extended (~> 2.6)
    public_suffix (4.0.1)
    rainbow (3.0.0)
    rake (13.0.1)
    rb-fsevent (0.10.3)
    rb-inotify (0.10.0)
      ffi (~> 1.0)
    representable (3.0.4)
      declarative (< 0.1.0)
      declarative-option (< 0.2.0)
      uber (< 0.2.0)
    retriable (3.1.2)
    rouge (3.13.0)
    ruby-ll (2.1.2)
      ansi
      ast
    safe_yaml (1.0.5)
    sassc (2.2.1-x64-mingw32)
      ffi (~> 1.9)
    sassc (2.2.1-x86-mingw32)
      ffi (~> 1.9)
    signet (0.12.0)
      addressable (~> 2.3)
      faraday (~> 0.9)
      jwt (>= 1.5, < 3.0)
      multi_json (~> 1.10)
    terminal-table (1.8.0)
      unicode-display_width (~> 1.1, >= 1.1.1)
    thread_safe (0.3.6)
    typhoeus (1.3.1)
      ethon (>= 0.9.0)
    tzinfo (1.2.5)
      thread_safe (~> 0.1)
    tzinfo-data (1.2019.3)
      tzinfo (>= 1.0.0)
    uber (0.1.0)
    unicode-display_width (1.6.0)
    wdm (0.1.1)
    yajl-ruby (1.4.1)
    yell (2.2.0)
    zeitwerk (2.2.1)

PLATFORMS
  x64-mingw32
  x86-mingw32

DEPENDENCIES
  activesupport (>= 5.2.2)
  chronic (~> 0.10.2)
  google-api-client (~> 0.34.1)
  googleauth (~> 0.10.0)
  html-proofer (>= 3.10.1)
  httpclient (~> 2.8, >= 2.8.3)
  iconv (>= 1.0.7)
  jekyll (~> 4.0)
  jekyll-emoji!
  jekyll-feed (~> 0.6)
  jekyll-language-plugin!
  jekyll-paginate-v2!
  jekyll-patreon!
  jekyll-twitter-plugin!
  jemoji (~> 0.11.1)
  minima (~> 2.0)
  nokogiri (>= 1.10.4)
  oga (~> 1.2, >= 1.2.0)
  rake (>= 12.3.2)
  tzinfo (~> 1.1)
  tzinfo-data
  wdm (~> 0.1.0)
  yajl-ruby (~> 1.2, >= 1.2.0)

BUNDLED WITH
   2.0.2
